PATH
  remote: .
  specs:
    etag_for (0.0.1)
      activesupport (>= 3.0)

GEM
  remote: https://rubygems.org/
  specs:
    activesupport (3.2.11)
      i18n (~> 0.6)
      multi_json (~> 1.0)
    i18n (0.6.1)
    metaclass (0.0.1)
    minitest (4.4.0)
    mocha (0.13.1)
      metaclass (~> 0.0.1)
    multi_json (1.5.0)

PLATFORMS
  ruby

DEPENDENCIES
  etag_for!
  minitest
  mocha
